GEM
  remote: https://rubygems.org/
  specs:
    ZenTest (4.11.2)
    addressable (2.8.5)
      public_suffix (>= 2.0.2, < 6.0)
    async (2.6.5)
      console (~> 1.10)
      fiber-annotation
      io-event (~> 1.1)
      timers (~> 4.1)
    async-container (0.16.12)
      async
      async-io
    async-http (0.61.0)
      async (>= 1.25)
      async-io (>= 1.28)
      async-pool (>= 0.2)
      protocol-http (~> 0.25.0)
      protocol-http1 (~> 0.16.0)
      protocol-http2 (~> 0.15.0)
      traces (>= 0.10.0)
    async-http-cache (0.4.3)
      async-http (~> 0.56)
    async-io (1.36.1)
      async
    async-pool (0.4.0)
      async (>= 1.25)
    build-environment (1.13.0)
    builder (3.2.4)
    byebug (9.1.0)
    capybara (3.1.0)
      addressable
      mini_mime (>= 0.1.3)
      nokogiri (~> 1.8)
      rack (>= 1.6.0)
      rack-test (>= 0.6.3)
      xpath (~> 3.0)
    celluloid (0.18.0)
      timers (~> 4)
    celluloid-io (0.17.3)
      celluloid (>= 0.17.2)
      nio4r (>= 1.1)
      timers (>= 4.1.1)
    console (1.23.2)
      fiber-annotation
      fiber-local
    crack (0.4.5)
      rexml
    cucumber (2.0.0)
      builder (>= 2.1.2)
      cucumber-core (~> 1.1.3)
      diff-lcs (>= 1.1.3)
      gherkin (~> 2.12)
      multi_json (>= 1.7.5, < 2.0)
      multi_test (>= 0.1.2)
    cucumber-core (1.1.3)
      gherkin (~> 2.12.0)
    cucumber-sinatra (0.5.0)
      templater (>= 1.0.0)
    daemons (1.4.1)
    diff-lcs (1.5.0)
    docile (1.4.0)
    domain_name (0.5.20190701)
      unf (>= 0.0.5, < 1.0.0)
    eventmachine (1.2.7)
    extlib (0.9.16)
    falcon (0.42.3)
      async
      async-container (~> 0.16.0)
      async-http (~> 0.57)
      async-http-cache (~> 0.4.0)
      async-io (~> 1.22)
      build-environment (~> 1.13)
      bundler
      localhost (~> 1.1)
      openssl (~> 3.0)
      process-metrics (~> 0.2.0)
      protocol-rack (~> 0.1)
      samovar (~> 2.1)
    ffi (1.16.3)
    ffi-compiler (1.0.1)
      ffi (>= 1.0.0)
      rake
    fiber-annotation (0.2.0)
    fiber-local (1.0.0)
    gherkin (2.12.2)
      multi_json (~> 1.3)
    hashdiff (1.0.1)
    highline (2.1.0)
    http (5.1.1)
      addressable (~> 2.8)
      http-cookie (~> 1.0)
      http-form_data (~> 2.2)
      llhttp-ffi (~> 0.4.0)
    http-cookie (1.0.5)
      domain_name (~> 0.5)
    http-form_data (2.3.0)
    http_parser.rb (0.8.0)
    io-event (1.3.3)
    json (2.6.3)
    launchy (2.4.3)
      addressable (~> 2.3)
    listen (3.8.0)
      rb-fsevent (~> 0.10, >= 0.10.3)
      rb-inotify (~> 0.9, >= 0.9.10)
    llhttp-ffi (0.4.0)
      ffi-compiler (~> 1.0)
      rake (~> 13.0)
    localhost (1.1.10)
    mapping (1.1.1)
    mini_mime (1.1.5)
    multi_json (1.15.0)
    multi_test (1.1.0)
    mustermann (3.0.0)
      ruby2_keywords (~> 0.0.1)
    nio4r (2.5.9)
    nokogiri (1.15.4-arm64-darwin)
      racc (~> 1.4)
    nokogiri (1.15.4-x86_64-linux)
      racc (~> 1.4)
    openssl (3.2.0)
    process-metrics (0.2.1)
      console (~> 1.8)
      samovar (~> 2.1)
    protocol-hpack (1.4.2)
    protocol-http (0.25.0)
    protocol-http1 (0.16.0)
      protocol-http (~> 0.22)
    protocol-http2 (0.15.1)
      protocol-hpack (~> 1.4)
      protocol-http (~> 0.18)
    protocol-rack (0.2.6)
      protocol-http (~> 0.23)
      rack (>= 1.0)
    public_suffix (5.0.3)
    puma (6.4.0)
      nio4r (~> 2.0)
    racc (1.7.3)
    rack (2.2.8)
    rack-protection (3.1.0)
      rack (~> 2.2, >= 2.2.4)
    rack-test (0.6.3)
      rack (>= 1.0)
    rack_session_access (0.1.1)
      builder (>= 2.0.0)
      rack (>= 1.0.0)
    rake (13.1.0)
    rb-fsevent (0.11.2)
    rb-inotify (0.10.1)
      ffi (~> 1.0)
    reel (0.6.1)
      celluloid (>= 0.15.1)
      celluloid-io (>= 0.15.0)
      http (>= 0.6.0.pre)
      http_parser.rb (>= 0.6.0)
      websocket-driver (>= 0.5.1)
    rerun (0.14.0)
      listen (~> 3.0)
    rexml (3.2.6)
    rspec (3.3.0)
      rspec-core (~> 3.3.0)
      rspec-expectations (~> 3.3.0)
      rspec-mocks (~> 3.3.0)
    rspec-autotest (1.0.0)
      rspec-core (>= 2.99.0.beta1, < 4.0.0)
    rspec-core (3.3.2)
      rspec-support (~> 3.3.0)
    rspec-expectations (3.3.1)
      diff-lcs (>= 1.2.0, < 2.0)
      rspec-support (~> 3.3.0)
    rspec-mocks (3.3.2)
      diff-lcs (>= 1.2.0, < 2.0)
      rspec-support (~> 3.3.0)
    rspec-support (3.3.0)
    ruby2_keywords (0.0.5)
    samovar (2.2.0)
      console (~> 1.0)
      mapping (~> 1.0)
    simplecov (0.16.1)
      docile (~> 1.1)
      json (>= 1.8, < 3)
      simplecov-html (~> 0.10.0)
    simplecov-html (0.10.2)
    sinatra (3.1.0)
      mustermann (~> 3.0)
      rack (~> 2.2, >= 2.2.4)
      rack-protection (= 3.1.0)
      tilt (~> 2.0)
    sinatra-flash (0.3.0)
      sinatra (>= 1.0.0)
    templater (1.0.0)
      diff-lcs (>= 1.1.2)
      extlib (>= 0.9.5)
      highline (>= 1.4.0)
    thin (1.8.2)
      daemons (~> 1.0, >= 1.0.9)
      eventmachine (~> 1.0, >= 1.0.4)
      rack (>= 1, < 3)
    tilt (2.3.0)
    timers (4.3.5)
    traces (0.11.1)
    unf (0.1.4)
      unf_ext
    unf_ext (0.0.8.2)
    webmock (3.3.0)
      addressable (>= 2.3.6)
      crack (>= 0.3.2)
      hashdiff
    webrick (1.8.1)
    websocket-driver (0.7.6)
      websocket-extensions (>= 0.1.0)
    websocket-extensions (0.1.5)
    xpath (3.2.0)
      nokogiri (~> 1.8)

PLATFORMS
  arm64-darwin-22
  x86_64-linux

DEPENDENCIES
  ZenTest (= 4.11.2)
  byebug (= 9.1.0)
  capybara (= 3.1)
  cucumber (= 2.0.0)
  cucumber-sinatra (= 0.5.0)
  falcon
  http
  launchy (= 2.4.3)
  puma
  rack-test (= 0.6.3)
  rack_session_access (= 0.1.1)
  reel
  rerun
  rspec (= 3.3.0)
  rspec-autotest (= 1.0.0)
  simplecov (= 0.16.1)
  sinatra (>= 2.0.2)
  sinatra-flash (= 0.3.0)
  thin
  webmock (= 3.3.0)
  webrick

RUBY VERSION
   ruby 3.2.2p53

BUNDLED WITH
   2.4.22